GIT
  remote: git://github.com/MSch/devise-twitter.git
  revision: 0ddb1fc75771bc3a988e1697c41cb688744ada47
  specs:
    devise-twitter (0.1.2.pre)
      devise (>= 1.1.0)
      warden_oauth (~> 0.1.1)

GIT
  remote: git://github.com/jnunemaker/twitter.git
  revision: c4f8907d6595f93d63bc84d6575920a14774e656
  specs:
    twitter (0.10.0)
      addressable (~> 2.2.1)
      faraday (~> 0.4.6)
      faraday_middleware (~> 0.1.1)
      hashie (~> 0.4.0)
      roauth (~> 0.0.3)

GIT
  remote: http://github.com/lostboy/state_machine-mongoid.git
  revision: 9c207c6ed1879dfce82a658b1325cb6094268530
  specs:
    state_machine-mongoid (0.1.1)
      activemodel (>= 3.0.0)
      bson_ext (>= 1.0.4)
      mongoid (>= 2.0.0.beta.16)
      state_machine (>= 0.9.2)

GEM
  remote: http://rubygems.org/
  specs:
    abstract (1.0.0)
    actionmailer (3.0.0)
      actionpack (= 3.0.0)
      mail (~> 2.2.5)
    actionpack (3.0.0)
      activemodel (= 3.0.0)
      activesupport (= 3.0.0)
      builder (~> 2.1.2)
      erubis (~> 2.6.6)
      i18n (~> 0.4.1)
      rack (~> 1.2.1)
      rack-mount (~> 0.6.12)
      rack-test (~> 0.5.4)
      tzinfo (~> 0.3.23)
    activemodel (3.0.0)
      activesupport (= 3.0.0)
      builder (~> 2.1.2)
      i18n (~> 0.4.1)
    activerecord (3.0.0)
      activemodel (= 3.0.0)
      activesupport (= 3.0.0)
      arel (~> 1.0.0)
      tzinfo (~> 0.3.23)
    activeresource (3.0.0)
      activemodel (= 3.0.0)
      activesupport (= 3.0.0)
    activesupport (3.0.0)
    addressable (2.2.1)
    arel (1.0.1)
      activesupport (~> 3.0.0)
    bcrypt-ruby (2.1.2)
    bitly (0.5.3)
      crack (>= 0.1.4)
      httparty (>= 0.5.2)
    bson (1.0.9)
    bson_ext (1.0.9)
    builder (2.1.2)
    carrierwave (0.5.0)
      activesupport (~> 3.0.0)
    cgi_multipart_eof_fix (2.5.0)
    columnize (0.3.1)
    crack (0.1.8)
    daemons (1.1.0)
    devise (1.1.3)
      bcrypt-ruby (~> 2.1.2)
      warden (~> 0.10.7)
    diff-lcs (1.1.2)
    dynamic_form (1.1.3)
    erubis (2.6.6)
      abstract (>= 1.0.0)
    factory_girl (1.3.2)
    factory_girl_rails (1.0)
      factory_girl (~> 1.3)
      rails (>= 3.0.0.beta4)
    faraday (0.4.6)
      addressable (>= 2.1.1)
      rack (>= 1.0.1)
    faraday_middleware (0.1.1)
      faraday (~> 0.4.5)
      hashie (~> 0.4.0)
      multi_json (~> 0.0.4)
      multi_xml (~> 0.0.1)
      oauth2 (~> 0.0.13)
      roauth (~> 0.0.3)
    fastthread (1.0.7)
    gem_plugin (0.2.3)
    haml (3.0.21)
    haml-rails (0.3.1)
      actionpack (~> 3.0.0)
      activesupport (~> 3.0.0)
      haml (~> 3.0.18)
      railties (~> 3.0.0)
    hashie (0.4.0)
    hoptoad_notifier (2.3.8)
      activesupport
    hpricot (0.8.2)
    httparty (0.6.1)
      crack (= 0.1.8)
    i18n (0.4.1)
    json (1.4.6)
    linecache (0.43)
    mail (2.2.6.1)
      activesupport (>= 2.3.6)
      mime-types
      treetop (>= 1.4.5)
    mime-types (1.16)
    mini_fb (1.1.3)
      hashie
      rest-client
    mini_magick (2.1)
      subexec (~> 0.0.4)
    mongo (1.0.9)
      bson (>= 1.0.5)
    mongoid (2.0.0.beta.19)
      activemodel (~> 3.0)
      mongo (= 1.0.9)
      tzinfo (~> 0.3.22)
      will_paginate (~> 3.0.pre)
    mongoid_slug (0.4.6)
      mongoid (~> 2.0.0.beta)
    mongrel (1.1.5)
      cgi_multipart_eof_fix (>= 2.4)
      daemons (>= 1.0.3)
      fastthread (>= 1.0.1)
      gem_plugin (>= 0.2.3)
    multi_json (0.0.4)
    multi_xml (0.0.1)
    oauth (0.4.3)
    oauth2 (0.0.13)
      faraday (~> 0.4.1)
      multi_json (>= 0.0.4)
    polyglot (0.3.1)
    rack (1.2.1)
    rack-mount (0.6.13)
      rack (>= 1.0.0)
    rack-test (0.5.6)
      rack (>= 1.0)
    rails (3.0.0)
      actionmailer (= 3.0.0)
      actionpack (= 3.0.0)
      activerecord (= 3.0.0)
      activeresource (= 3.0.0)
      activesupport (= 3.0.0)
      bundler (~> 1.0.0)
      railties (= 3.0.0)
    rails3-generators (0.14.0)
    railties (3.0.0)
      actionpack (= 3.0.0)
      activesupport (= 3.0.0)
      rake (>= 0.8.4)
      thor (~> 0.14.0)
    rake (0.8.7)
    rcov (0.9.8)
    rest-client (1.6.1)
      mime-types (>= 1.16)
    roauth (0.0.3)
    rspec (2.0.0)
      rspec-core (= 2.0.0)
      rspec-expectations (= 2.0.0)
      rspec-mocks (= 2.0.0)
    rspec-core (2.0.0)
    rspec-expectations (2.0.0)
      diff-lcs (>= 1.1.2)
    rspec-mocks (2.0.0)
      rspec-core (= 2.0.0)
      rspec-expectations (= 2.0.0)
    rspec-rails (2.0.0)
      rspec (= 2.0.0)
    ruby-debug (0.10.3)
      columnize (>= 0.1)
      ruby-debug-base (~> 0.10.3.0)
    ruby-debug-base (0.10.3)
      linecache (>= 0.3)
    ruby_parser (2.0.5)
      sexp_processor (~> 3.0)
    sexp_processor (3.0.5)
    state_machine (0.9.4)
    subexec (0.0.4)
    thor (0.14.2)
    treetop (1.4.8)
      polyglot (>= 0.3.1)
    tzinfo (0.3.23)
    warden (0.10.7)
      rack (>= 1.0.0)
    warden_oauth (0.1.1)
      oauth
      warden (>= 0.8.1)
    web-app-theme (0.6.2)
    will_paginate (3.0.pre2)

PLATFORMS
  ruby

DEPENDENCIES
  bitly
  bson_ext (~> 1.0.9)
  carrierwave
  devise
  devise-twitter!
  dynamic_form
  factory_girl_rails (= 1.0)
  haml
  haml-rails
  hoptoad_notifier
  hpricot
  json
  mini_fb
  mini_magick
  mongoid (~> 2.0.0.beta.19)
  mongoid_slug
  mongrel
  rails (= 3.0.0)
  rails3-generators
  rcov (= 0.9.8)
  rspec-rails (= 2.0.0)
  ruby-debug
  ruby_parser
  state_machine
  state_machine-mongoid!
  twitter!
  web-app-theme (~> 0.6.2)
  will_paginate (~> 3.0)
